GEM
  remote: https://rubygems.org/
  specs:
    activesupport (3.1.5)
      multi_json (>= 1.0, < 1.3)
    addressable (2.2.8)
    daemons (1.1.8)
    em-hiredis (0.1.1)
      hiredis (~> 0.4.0)
    em-http-request (0.3.0)
      addressable (>= 2.0.0)
      escape_utils
      eventmachine (>= 0.12.9)
    em-websocket (0.3.6)
      addressable (>= 2.1.1)
      eventmachine (>= 0.12.9)
    escape_utils (0.2.4)
    eventmachine (0.12.10)
    glamazon (0.3.1)
      activesupport (>= 3.1.0)
      i18n (~> 0.6.0)
      yajl-ruby (>= 0.7.7)
    hiredis (0.4.5)
    i18n (0.6.0)
    multi_json (1.2.0)
    rack (1.3.6)
    rack-fiber_pool (0.9.1)
    signature (0.1.3)
    sinatra (1.2.8)
      rack (~> 1.1)
      tilt (>= 1.2.2, < 2.0)
    slanger (0.2.3)
      activesupport (~> 3.1.0)
      em-hiredis (~> 0.1.0)
      em-http-request (~> 0.3.0)
      em-websocket (~> 0.3.5)
      eventmachine (~> 0.12.10)
      glamazon (~> 0.3.1)
      rack (~> 1.3.3)
      rack-fiber_pool (= 0.9.1)
      signature (~> 0.1.3)
      sinatra (~> 1.2.6)
      thin (~> 1.2.11)
    thin (1.2.11)
      daemons (>= 1.0.9)
      eventmachine (>= 0.12.6)
      rack (>= 1.0.0)
    tilt (1.3.3)
    yajl-ruby (1.1.0)

PLATFORMS
  ruby

DEPENDENCIES
  slanger
